GEM
  remote: https://rubygems.org/
  specs:
    activemodel (6.0.2.1)
      activesupport (= 6.0.2.1)
    activerecord (6.0.2.1)
      activemodel (= 6.0.2.1)
      activesupport (= 6.0.2.1)
    activesupport (6.0.2.1)
      concurrent-ruby (~> 1.0, >= 1.0.2)
      i18n (>= 0.7, < 2)
      minitest (~> 5.1)
      tzinfo (~> 1.1)
      zeitwerk (~> 2.2)
    addressable (2.7.0)
      public_suffix (>= 2.0.2, < 5.0)
    ast (2.4.0)
    backports (3.17.0)
    childprocess (3.0.0)
    concurrent-ruby (1.1.6)
    dalli (2.7.10)
    declarative (0.0.10)
    declarative-option (0.1.0)
    domain_name (0.5.20190701)
      unf (>= 0.0.5, < 1.0.0)
    eventmachine (1.2.7)
    faraday (1.0.0)
      multipart-post (>= 1.2, < 3)
    ffi (1.12.2)
    god (0.13.7)
    google-api-client (0.37.2)
      addressable (~> 2.5, >= 2.5.1)
      googleauth (~> 0.9)
      httpclient (>= 2.8.1, < 3.0)
      mini_mime (~> 1.0)
      representable (~> 3.0)
      retriable (>= 2.0, < 4.0)
      signet (~> 0.12)
    googleauth (0.11.0)
      faraday (>= 0.17.3, < 2.0)
      jwt (>= 1.4, < 3.0)
      memoist (~> 0.16)
      multi_json (~> 1.11)
      os (>= 0.9, < 2.0)
      signet (~> 0.12)
    hashie (4.1.0)
    http-accept (1.7.0)
    http-cookie (1.0.3)
      domain_name (~> 0.5)
    httpclient (2.8.3)
    i18n (1.8.2)
      concurrent-ruby (~> 1.0)
    jaro_winkler (1.5.4)
    jwt (2.2.1)
    listen (3.2.1)
      rb-fsevent (~> 0.10, >= 0.10.3)
      rb-inotify (~> 0.9, >= 0.9.10)
    lockfile (2.1.3)
    logger (1.4.2)
    mail (2.7.1)
      mini_mime (>= 0.1.1)
    memoist (0.16.2)
    mime-types (3.3.1)
      mime-types-data (~> 3.2015)
    mime-types-data (3.2019.1009)
    mini_mime (1.0.2)
    mini_portile2 (2.4.0)
    minitest (5.14.0)
    multi_json (1.14.1)
    multipart-post (2.1.1)
    mustermann (1.1.1)
      ruby2_keywords (~> 0.0.1)
    mysql2 (0.5.3)
    netrc (0.11.0)
    nokogiri (1.10.9)
      mini_portile2 (~> 2.4.0)
    omniauth (1.9.1)
      hashie (>= 3.4.6)
      rack (>= 1.6.2, < 3)
    omniauth-saml (1.10.1)
      omniauth (~> 1.3, >= 1.3.2)
      ruby-saml (~> 1.7)
    os (1.0.1)
    parallel (1.19.1)
    parser (2.7.0.4)
      ast (~> 2.4.0)
    pony (1.13.1)
      mail (>= 2.0)
    power_assert (1.1.6)
    public_suffix (4.0.3)
    rack (2.2.2)
    rack-protection (2.0.8.1)
      rack
    rack-test (1.1.0)
      rack (>= 1.0, < 3)
    rainbow (3.0.0)
    rake (13.0.1)
    rb-fsevent (0.10.3)
    rb-inotify (0.10.1)
      ffi (~> 1.0)
    representable (3.0.4)
      declarative (< 0.1.0)
      declarative-option (< 0.2.0)
      uber (< 0.2.0)
    rerun (0.13.0)
      listen (~> 3.0)
    rest-client (2.1.0)
      http-accept (>= 1.7.0, < 2.0)
      http-cookie (>= 1.0.2, < 2.0)
      mime-types (>= 1.16, < 4.0)
      netrc (~> 0.8)
    retriable (3.1.2)
    rexml (3.2.4)
    rubocop (0.80.1)
      jaro_winkler (~> 1.5.1)
      parallel (~> 1.10)
      parser (>= 2.7.0.1)
      rainbow (>= 2.2.2, < 4.0)
      rexml
      ruby-progressbar (~> 1.7)
      unicode-display_width (>= 1.4.0, < 1.7)
    ruby-progressbar (1.10.1)
    ruby-saml (1.11.0)
      nokogiri (>= 1.5.10)
    ruby2_keywords (0.0.2)
    rubyzip (2.2.0)
    selenium-webdriver (3.142.7)
      childprocess (>= 0.5, < 4.0)
      rubyzip (>= 1.2.2)
    signet (0.13.0)
      addressable (~> 2.3)
      faraday (>= 0.17.3, < 2.0)
      jwt (>= 1.5, < 3.0)
      multi_json (~> 1.10)
    sinatra (2.0.8.1)
      mustermann (~> 1.0)
      rack (~> 2.0)
      rack-protection (= 2.0.8.1)
      tilt (~> 2.0)
    sinatra-contrib (2.0.8.1)
      backports (>= 2.8.2)
      multi_json
      mustermann (~> 1.0)
      rack-protection (= 2.0.8.1)
      sinatra (= 2.0.8.1)
      tilt (~> 2.0)
    sinatra-cross_origin (0.4.0)
    sqlite3 (1.3.13)
    test-unit (3.3.5)
      power_assert
    thread_safe (0.3.6)
    tilt (2.0.10)
    tzinfo (1.2.6)
      thread_safe (~> 0.1)
    uber (0.1.0)
    unf (0.1.4)
      unf_ext
    unf_ext (0.0.7.6)
    unicode-display_width (1.6.1)
    xmlrpc (0.3.0)
    zeitwerk (2.3.0)

PLATFORMS
  ruby

DEPENDENCIES
  activerecord
  dalli
  eventmachine
  god
  google-api-client (~> 0.9)
  jwt
  lockfile
  logger
  mail
  mysql2
  nokogiri
  omniauth
  omniauth-saml
  pony
  rack
  rack-test
  rake
  rerun
  rest-client
  rubocop
  selenium-webdriver
  sinatra
  sinatra-contrib
  sinatra-cross_origin
  sqlite3 (~> 1.3.6)
  test-unit
  xmlrpc

BUNDLED WITH
   2.1.4
